GEM
  remote: http://rubygems.org/
  specs:
    activesupport (5.0.0.1)
      concurrent-ruby (~> 1.0, >= 1.0.2)
      i18n (~> 0.7)
      minitest (~> 5.1)
      tzinfo (~> 1.1)
    algoliasearch (1.12.1)
      httpclient (~> 2.8.2.4)
      json (>= 1.5.1)
    bson (4.1.1)
    concurrent-ruby (1.0.2)
    faraday (0.10.0)
      multipart-post (>= 1.2, < 3)
    faraday_middleware (0.10.1)
      faraday (>= 0.7.4, < 1.0)
    gli (2.14.0)
    hashie (3.4.6)
    httpclient (2.8.2.4)
    i18n (0.7.0)
    json (2.0.2)
    minitest (5.9.1)
    mongo (2.3.1)
      bson (~> 4.1)
    multipart-post (2.0.0)
    rack (1.6.5)
    rack-protection (1.5.3)
      rack
    sinatra (1.4.7)
      rack (~> 1.5)
      rack-protection (~> 1.4)
      tilt (>= 1.3, < 3)
    slack-ruby-client (0.7.7)
      activesupport
      faraday
      faraday_middleware
      gli
      hashie
      json
      websocket-driver
    thread_safe (0.3.5)
    tilt (2.0.5)
    tzinfo (1.2.2)
      thread_safe (~> 0.1)
    websocket-driver (0.6.4)
      websocket-extensions (>= 0.1.0)
    websocket-extensions (0.1.2)

PLATFORMS
  ruby

DEPENDENCIES
  algoliasearch (~> 1.12.1)
  mongo (~> 2.2)
  sinatra (~> 1.4.7)
  slack-ruby-client (~> 0.7.7)

RUBY VERSION
   ruby 2.3.1p112

BUNDLED WITH
   1.13.6
